GEM
  remote: https://rubygems.org/
  specs:
    puma (3.12.0)
    rack (1.5.5)

PLATFORMS
  ruby

DEPENDENCIES
  puma (~> 3.12)
  rack (~> 1.5.1)

BUNDLED WITH
   1.17.2
