GEM
  remote: https://rubygems.org/
  specs:
    rack (1.5.5)

PLATFORMS
  ruby

DEPENDENCIES
  rack (~> 1.5.1)

BUNDLED WITH
   1.15.2
